GEM
  remote: https://rubygems.org/
  specs:
    bigdecimal (3.1.8)
    coderay (1.1.3)
    csv (3.3.0)
    erubi (1.13.0)
    method_source (1.1.0)
    netrc (0.11.0)
    parallel (1.25.1)
    prism (0.30.0)
    pry (0.14.2)
      coderay (~> 1.1)
      method_source (~> 1.0)
    rbi (0.1.14)
      prism (>= 0.18.0, < 1.0.0)
      sorbet-runtime (>= 0.5.9204)
    sorbet (0.5.11511)
      sorbet-static (= 0.5.11511)
    sorbet-runtime (0.5.11511)
    sorbet-static (0.5.11511-aarch64-linux)
    sorbet-static (0.5.11511-universal-darwin)
    sorbet-static (0.5.11511-x86_64-linux)
    sorbet-static-and-runtime (0.5.11511)
      sorbet (= 0.5.11511)
      sorbet-runtime (= 0.5.11511)
    spoom (1.4.2)
      erubi (>= 1.10.0)
      prism (>= 0.28.0)
      sorbet-static-and-runtime (>= 0.5.10187)
      thor (>= 0.19.2)
    tapioca (0.15.1)
      bundler (>= 2.2.25)
      netrc (>= 0.11.0)
      parallel (>= 1.21.0)
      rbi (>= 0.1.4, < 0.2)
      sorbet-static-and-runtime (>= 0.5.11087)
      spoom (>= 1.2.0)
      thor (>= 1.2.0)
      yard-sorbet
    thor (1.3.1)
    yard (0.9.36)
    yard-sorbet (0.9.0)
      sorbet-runtime
      yard

PLATFORMS
  aarch64-linux
  universal-darwin
  x86_64-linux

DEPENDENCIES
  bigdecimal
  csv
  pry
  sorbet
  sorbet-runtime
  tapioca

BUNDLED WITH
   2.5.3
